PATH
  remote: .
  specs:
    sns_gateway (0.0.2)
      aws-sdk-core

GEM
  remote: https://rubygems.org/
  specs:
    aws-sdk-core (2.2.14)
      jmespath (~> 1.0)
    diff-lcs (1.2.5)
    jmespath (1.1.3)
    rspec (3.4.0)
      rspec-core (~> 3.4.0)
      rspec-expectations (~> 3.4.0)
      rspec-mocks (~> 3.4.0)
    rspec-core (3.4.2)
      rspec-support (~> 3.4.0)
    rspec-expectations (3.4.0)
      diff-lcs (>= 1.2.0, < 2.0)
      rspec-support (~> 3.4.0)
    rspec-mocks (3.4.1)
      diff-lcs (>= 1.2.0, < 2.0)
      rspec-support (~> 3.4.0)
    rspec-support (3.4.1)

PLATFORMS
  ruby

DEPENDENCIES
  rspec
  sns_gateway!

BUNDLED WITH
   1.11.2
